GEM
  remote: https://rubygems.org/
  specs:
    aruba (0.6.1)
      childprocess (>= 0.3.6)
      cucumber (>= 1.1.1)
      rspec-expectations (>= 2.7.0)
    builder (3.2.2)
    childprocess (0.5.3)
      ffi (~> 1.0, >= 1.0.11)
    cucumber (1.3.16)
      builder (>= 2.1.2)
      diff-lcs (>= 1.1.3)
      gherkin (~> 2.12)
      multi_json (>= 1.7.5, < 2.0)
      multi_test (>= 0.1.1)
    diff-lcs (1.2.5)
    ejt_command_line (0.0.4)
    ffi (1.9.3)
    gherkin (2.12.2)
      multi_json (~> 1.3)
    multi_json (1.10.1)
    multi_test (0.1.1)
    rspec-expectations (3.0.4)
      diff-lcs (>= 1.2.0, < 2.0)
      rspec-support (~> 3.0.0)
    rspec-support (3.0.4)
    thinp_xml (0.0.20)
      ejt_command_line (>= 0.0.2)

PLATFORMS
  ruby

DEPENDENCIES
  aruba
  cucumber
  thinp_xml
